GEM
  remote: https://rubygems.org/
  specs:
    byebug (11.1.3)
    httparty (0.21.0)
      mini_mime (>= 1.0.0)
      multi_xml (>= 0.5.2)
    mini_mime (1.1.2)
    multi_xml (0.6.0)
    nokogiri (1.11.2-x86_64-darwin)
      racc (~> 1.4)
    nokogiri (1.11.2-x86_64-linux)
      racc (~> 1.4)
    racc (1.5.2)

PLATFORMS
  x86_64-darwin-20
  x86_64-linux

DEPENDENCIES
  byebug
  httparty
  nokogiri

BUNDLED WITH
   2.2.8
